{
    "Modality": "MR",
    "MagneticFieldStrength": 3,
    "Manufacturer": "GE",
    "ManufacturersModelName": "Signa_HDxt",
    "DeviceSerialNumber": "000000000mr3t6mr",
    "PatientPosition": "HFS",
    "ProcedureStepDescription": "MRI_Procedure_Limited",
    "SoftwareVersions": "15_LX_MR_Software_release:15.0_M4A_0947.a",
    "MRAcquisitionType": "2D",
    "SeriesDescription": "T2_Axial_ACPC_Clinical",
    "ProtocolName": "T2_Axial_ACPC_Clinical",
    "ScanningSequence": "SE",
    "SequenceVariant": "SK",
    "ScanOptions": "FAST_GEMS_FC_SLICE_AX_GEMS_FC_TRF_GEMS",
    "ImageType": [
        "ORIGINAL",
        "PRIMARY",
        "OTHER"
    ],
    "SeriesNumber": 6,
    "AcquisitionTime": "17:16:25.000000",
    "AcquisitionNumber": 1,
    "SliceThickness": 5,
    "SpacingBetweenSlices": 5,
    "SAR": 1.8191,
    "EchoTime": 0.11664,
    "RepetitionTime": 4.21667,
    "FlipAngle": 90,
    "PercentPhaseFOV": 80,
    "EchoTrainLength": 16,
    "AcquisitionMatrixPE": 256,
    "ReconMatrixPE": 512,
    "PixelBandwidth": 244.141,
    "PhaseEncodingAxis": "i",
    "ImageOrientationPatientDICOM": [
        0.997877,
        0,
        -0.0651274,
        0.0142826,
        0.975613,
        0.219031
    ],
    "InPlanePhaseEncodingDirectionDICOM": "ROW",
    "ConversionSoftware": "dcm2niix",
    "ConversionSoftwareVersion": "v1.0.20180622 GCC4.3.2"
}