{
    "Modality": "MR",
    "MagneticFieldStrength": 3,
    "Manufacturer": "GE",
    "ManufacturersModelName": "Signa_HDxt",
    "DeviceSerialNumber": "000000000mr3t6mr",
    "PatientPosition": "HFS",
    "ProcedureStepDescription": "MRI_Procedure_Limited",
    "SoftwareVersions": "15_LX_MR_Software_release:15.0_M4A_0947.a",
    "MRAcquisitionType": "2D",
    "SeriesDescription": "Resting_State_fMRI",
    "ProtocolName": "Resting_State_fMRI",
    "ScanningSequence": "EP_GR",
    "SequenceVariant": "SS",
    "ScanOptions": "EPI_GEMS_PFF",
    "ImageType": [
        "ORIGINAL",
        "PRIMARY",
        "EPI",
        "NONE"
    ],
    "SeriesNumber": 2,
    "AcquisitionTime": "14:37:57.000000",
    "AcquisitionNumber": 1,
    "SliceThickness": 3.5,
    "SpacingBetweenSlices": 3.5,
    "SAR": 0.382581,
    "EchoTime": 0.025,
    "RepetitionTime": 2.5,
    "FlipAngle": 90,
    "PercentPhaseFOV": 100,
    "AcquisitionMatrixPE": 64,
    "ReconMatrixPE": 64,
    "EffectiveEchoSpacing": 0.000592,
    "TotalReadoutTime": 0.037296,
    "PixelBandwidth": 7812.5,
    "PhaseEncodingAxis": "i",
    "ImageOrientationPatientDICOM": [
        0,
        1,
        0,
        0,
        0,
        -1
    ],
    "InPlanePhaseEncodingDirectionDICOM": "ROW",
    "ConversionSoftware": "dcm2niix",
    "ConversionSoftwareVersion": "v1.0.20180622 GCC4.3.2",
    "SliceTiming": [
        0.0,
        1.277778,
        0.055556,
        1.333333,
        0.111111,
        1.388889,
        0.166667,
        1.444444,
        0.222222,
        1.5,
        0.277778,
        1.555556,
        0.333333,
        1.611111,
        0.388889,
        1.666667,
        0.444444,
        1.722222,
        0.5,
        1.777778,
        0.555556,
        1.833333,
        0.611111,
        1.888889,
        0.666667,
        1.944444,
        0.722222,
        2.0,
        0.777778,
        2.055556,
        0.833333,
        2.111111,
        0.888889,
        2.166667,
        0.944444,
        2.222222,
        1.0,
        2.277778,
        1.055556,
        2.333333,
        1.111111,
        2.388889,
        1.166667,
        2.444444,
        1.222222
    ]
}