{
    "Modality": "MR",
    "MagneticFieldStrength": 3,
    "Manufacturer": "GE",
    "ManufacturersModelName": "Signa_HDxt",
    "DeviceSerialNumber": "000000000mr3t6mr",
    "PatientPosition": "HFS",
    "ProcedureStepDescription": "MRI_Brain",
    "SoftwareVersions": "15_LX_MR_Software_release:15.0_M4A_0947.a",
    "MRAcquisitionType": "2D",
    "SeriesDescription": "T2_Flair_ACPC_Clinical",
    "ProtocolName": "T2_Flair_ACPC_Clinical",
    "ScanningSequence": "SE_IR",
    "SequenceVariant": "SK",
    "ScanOptions": "FAST_GEMS_FC_SLICE_AX_GEMS_FC_TRF_GEMS",
    "ImageType": [
        "ORIGINAL",
        "PRIMARY",
        "OTHER"
    ],
    "SeriesNumber": 3,
    "AcquisitionTime": "13:13:18.000000",
    "AcquisitionNumber": 1,
    "SliceThickness": 5,
    "SpacingBetweenSlices": 5,
    "SAR": 1.1841,
    "EchoTime": 0.120408,
    "RepetitionTime": 9.002,
    "InversionTime": 2.2,
    "FlipAngle": 90,
    "PercentPhaseFOV": 100,
    "AcquisitionMatrixPE": 192,
    "ReconMatrixPE": 512,
    "PixelBandwidth": 162.773,
    "PhaseEncodingAxis": "i",
    "ImageOrientationPatientDICOM": [
        0.998785,
        -0.0492877,
        0,
        0.0489213,
        0.991243,
        -0.122654
    ],
    "InPlanePhaseEncodingDirectionDICOM": "ROW",
    "ConversionSoftware": "dcm2niix",
    "ConversionSoftwareVersion": "v1.0.20180622 GCC4.3.2"
}