{
    "Modality": "MR",
    "MagneticFieldStrength": 3,
    "Manufacturer": "GE",
    "ManufacturersModelName": "Signa_HDxt",
    "DeviceSerialNumber": "000000000mr3t6mr",
    "PatientPosition": "HFS",
    "ProcedureStepDescription": "MRI_Procedure_Limited",
    "SoftwareVersions": "15_LX_MR_Software_release:15.0_M4A_0947.a",
    "MRAcquisitionType": "2D",
    "SeriesDescription": "Resting_State_fMRI",
    "ProtocolName": "Resting_State_fMRI",
    "ScanningSequence": "EP_GR",
    "SequenceVariant": "SS",
    "ScanOptions": "EPI_GEMS_PFF",
    "ImageType": [
        "ORIGINAL",
        "PRIMARY",
        "EPI",
        "NONE"
    ],
    "SeriesNumber": 2,
    "AcquisitionTime": "10:53:26.000000",
    "AcquisitionNumber": 1,
    "SliceThickness": 3.5,
    "SpacingBetweenSlices": 3.5,
    "SAR": 0.363411,
    "EchoTime": 0.025,
    "RepetitionTime": 2.5,
    "FlipAngle": 90,
    "PercentPhaseFOV": 100,
    "AcquisitionMatrixPE": 64,
    "ReconMatrixPE": 64,
    "EffectiveEchoSpacing": 0.000592,
    "TotalReadoutTime": 0.037296,
    "PixelBandwidth": 7812.5,
    "PhaseEncodingAxis": "i",
    "ImageOrientationPatientDICOM": [
        0,
        1,
        0,
        0,
        0,
        -1
    ],
    "InPlanePhaseEncodingDirectionDICOM": "ROW",
    "ConversionSoftware": "dcm2niix",
    "ConversionSoftwareVersion": "v1.0.20180622 GCC4.3.2"
}