{
    "Modality": "MR",
    "MagneticFieldStrength": 3,
    "Manufacturer": "GE",
    "ManufacturersModelName": "Signa_HDxt",
    "DeviceSerialNumber": "000000000mr3t6mr",
    "PatientPosition": "HFS",
    "ProcedureStepDescription": "MRI_Brain",
    "SoftwareVersions": "15_LX_MR_Software_release:15.0_M4A_0947.a",
    "MRAcquisitionType": "2D",
    "SeriesDescription": "SE_T1_Sag_Clinical",
    "ProtocolName": "SE_T1_Sag_Clinical",
    "ScanningSequence": "SE",
    "SequenceVariant": "NONE",
    "ScanOptions": "FC_PFP",
    "ImageType": [
        "ORIGINAL",
        "PRIMARY",
        "OTHER"
    ],
    "SeriesNumber": 2,
    "AcquisitionTime": "17:11:43.000000",
    "AcquisitionNumber": 1,
    "SliceThickness": 5,
    "SpacingBetweenSlices": 5,
    "SAR": 1.58846,
    "EchoTime": 0.02,
    "RepetitionTime": 0.5,
    "FlipAngle": 90,
    "PercentPhaseFOV": 100,
    "AcquisitionMatrixPE": 192,
    "ReconMatrixPE": 256,
    "PixelBandwidth": 122.109,
    "PhaseEncodingAxis": "i",
    "ImageOrientationPatientDICOM": [
        -0.0381177,
        0.99927,
        0.00238052,
        0.00625634,
        0.00262464,
        -0.999977
    ],
    "InPlanePhaseEncodingDirectionDICOM": "ROW",
    "ConversionSoftware": "dcm2niix",
    "ConversionSoftwareVersion": "v1.0.20180622 GCC4.3.2"
}