{
    "Modality": "MR",
    "MagneticFieldStrength": 3,
    "Manufacturer": "GE",
    "ManufacturersModelName": "Signa_HDxt",
    "DeviceSerialNumber": "000000000mr3t6mr",
    "PatientPosition": "HFS",
    "ProcedureStepDescription": "MRI_Procedure_Limited",
    "SoftwareVersions": "15_LX_MR_Software_release:15.0_M4A_0947.a",
    "MRAcquisitionType": "3D",
    "SeriesDescription": "FSPGR_BRAVO",
    "ProtocolName": "FSPGR_BRAVO",
    "ScanningSequence": "GR",
    "SequenceVariant": "SS_SK",
    "ScanOptions": "FAST_GEMS_FILTERED_GEMS_ACC_GEMS",
    "ImageType": [
        "ORIGINAL",
        "PRIMARY",
        "OTHER"
    ],
    "SeriesNumber": 9,
    "AcquisitionTime": "14:04:55.000000",
    "AcquisitionNumber": 1,
    "SliceThickness": 1,
    "SpacingBetweenSlices": 1,
    "SAR": 0.228223,
    "EchoTime": 0.003496,
    "RepetitionTime": 0.008836,
    "InversionTime": 0.45,
    "FlipAngle": 13,
    "PercentPhaseFOV": 100,
    "AcquisitionMatrixPE": 256,
    "ReconMatrixPE": 256,
    "PixelBandwidth": 195.312,
    "ImageOrientationPatientDICOM": [
        0,
        1,
        0,
        0,
        0,
        -1
    ],
    "InPlanePhaseEncodingDirectionDICOM": "ROW",
    "ConversionSoftware": "dcm2niix",
    "ConversionSoftwareVersion": "v1.0.20180622 GCC4.3.2"
}