{
    "Modality": "MR",
    "MagneticFieldStrength": 3,
    "Manufacturer": "GE",
    "ManufacturersModelName": "Signa_HDxt",
    "DeviceSerialNumber": "000000000mr3t6mr",
    "PatientPosition": "HFS",
    "ProcedureStepDescription": "MRI_Brain",
    "SoftwareVersions": "15_LX_MR_Software_release:15.0_M4A_0947.a",
    "MRAcquisitionType": "2D",
    "SeriesDescription": "T2_Axial_ACPC_Clinical",
    "ProtocolName": "T2_Axial_ACPC_Clinical",
    "ScanningSequence": "SE",
    "SequenceVariant": "SK",
    "ScanOptions": "FAST_GEMS_FC_SLICE_AX_GEMS_FC_TRF_GEMS",
    "ImageType": [
        "ORIGINAL",
        "PRIMARY",
        "OTHER"
    ],
    "SeriesNumber": 11,
    "AcquisitionTime": "18:09:40.000000",
    "AcquisitionNumber": 1,
    "SliceThickness": 5,
    "SpacingBetweenSlices": 5,
    "SAR": 1.6006,
    "EchoTime": 0.12108,
    "RepetitionTime": 4.1,
    "FlipAngle": 90,
    "PercentPhaseFOV": 80,
    "EchoTrainLength": 16,
    "AcquisitionMatrixPE": 256,
    "ReconMatrixPE": 512,
    "PixelBandwidth": 244.141,
    "PhaseEncodingAxis": "i",
    "ImageOrientationPatientDICOM": [
        0.999254,
        0.0380866,
        0.00634778,
        -0.0383924,
        0.960938,
        0.274087
    ],
    "InPlanePhaseEncodingDirectionDICOM": "ROW",
    "ConversionSoftware": "dcm2niix",
    "ConversionSoftwareVersion": "v1.0.20180622 GCC4.3.2"
}