{
    "Modality": "MR",
    "MagneticFieldStrength": 3,
    "Manufacturer": "GE",
    "ManufacturersModelName": "Signa_HDxt",
    "DeviceSerialNumber": "000000000mr3t6mr",
    "PatientPosition": "HFS",
    "ProcedureStepDescription": "MRI_Brain",
    "SoftwareVersions": "15_LX_MR_Software_release:15.0_M4A_0947.a",
    "MRAcquisitionType": "2D",
    "SeriesDescription": "AX_T2_Flair_ACPC",
    "ProtocolName": "AX_T2_Flair_ACPC",
    "ScanningSequence": "SE_IR",
    "SequenceVariant": "SK",
    "ScanOptions": "FAST_GEMS_FC_SLICE_AX_GEMS_FC_TRF_GEMS",
    "ImageType": [
        "ORIGINAL",
        "PRIMARY",
        "OTHER"
    ],
    "SeriesNumber": 5,
    "AcquisitionTime": "16:26:14.000000",
    "AcquisitionNumber": 1,
    "SliceThickness": 5,
    "SpacingBetweenSlices": 5,
    "SAR": 0.8379,
    "EchoTime": 0.123888,
    "RepetitionTime": 9.002,
    "InversionTime": 2.2,
    "FlipAngle": 90,
    "PercentPhaseFOV": 100,
    "AcquisitionMatrixPE": 224,
    "ReconMatrixPE": 512,
    "PixelBandwidth": 162.773,
    "PhaseEncodingAxis": "i",
    "ImageOrientationPatientDICOM": [
        0.999958,
        0.00878928,
        0.00277716,
        -0.00915567,
        0.981975,
        0.18879
    ],
    "InPlanePhaseEncodingDirectionDICOM": "ROW",
    "ConversionSoftware": "dcm2niix",
    "ConversionSoftwareVersion": "v1.0.20180622 GCC4.3.2"
}